PATH
  remote: .
  specs:
    wukong (3.0.0.pre)
      bundler (~> 1.1)
      configliere (>= 0.4.15)
      forgery
      gorillib (>= 0.4.2)
      multi_json (>= 1.3.6)
      uuidtools
      vayacondios-client (>= 0.0.3)

GEM
  remote: http://rubygems.org/
  specs:
    addressable (2.3.2)
    coderay (1.0.7)
    configliere (0.4.17)
      highline (>= 1.5.2)
      multi_json (>= 1.1)
    diff-lcs (1.1.3)
    ffi (1.1.4)
    forgery (0.5.0)
    gorillib (0.4.2)
      configliere (>= 0.4.13)
      json
      multi_json (>= 1.1)
    guard (1.3.0)
      listen (>= 0.4.2)
      thor (>= 0.14.6)
    guard-rspec (1.2.1)
      guard (>= 1.1)
    highline (1.6.15)
    htmlentities (4.3.1)
    json (1.7.5)
    listen (0.4.7)
      rb-fchange (~> 0.0.5)
      rb-fsevent (~> 0.9.1)
      rb-inotify (~> 0.8.8)
    method_source (0.8)
    multi_json (1.3.6)
    pry (0.9.10)
      coderay (~> 1.0.5)
      method_source (~> 0.8)
      slop (~> 3.3.1)
    rake (0.9.2.2)
    rb-fchange (0.0.5)
      ffi
    rb-fsevent (0.9.1)
    rb-inotify (0.8.8)
      ffi (>= 0.5.0)
    redcarpet (2.1.1)
    rspec (2.11.0)
      rspec-core (~> 2.11.0)
      rspec-expectations (~> 2.11.0)
      rspec-mocks (~> 2.11.0)
    rspec-core (2.11.1)
    rspec-expectations (2.11.2)
      diff-lcs (~> 1.1.3)
    rspec-mocks (2.11.1)
    simplecov (0.6.4)
      multi_json (~> 1.0)
      simplecov-html (~> 0.5.3)
    simplecov-html (0.5.3)
    slop (3.3.2)
    thor (0.15.4)
    uuidtools (2.1.3)
    vayacondios-client (0.0.10)
      configliere (>= 0.4.16)
      gorillib (~> 0.4.2)
      multi_json (~> 1.1)
    yard (0.8.2.1)

PLATFORMS
  ruby

DEPENDENCIES
  addressable
  guard (>= 1.0)
  guard-rspec (>= 0.6)
  htmlentities
  pry
  rake (>= 0.9)
  redcarpet
  rspec (>= 2.8)
  simplecov (>= 0.5)
  wukong!
  yard
