GIT
  remote: git://github.com/infochimps-labs/icss.git
  revision: 7c5c477d5a5e6fe6676e56fa64994414d216043f
  specs:
    icss (0.3.1)
      activemodel (~> 3.0.9)
      addressable (~> 2.2)
      addressable (~> 2.2)
      configliere (~> 0.4.8)
      gorillib (~> 0.1.7)
      json

GEM
  remote: http://rubygems.org/
  specs:
    RedCloth (4.2.9)
    activemodel (3.0.11)
      activesupport (= 3.0.11)
      builder (~> 2.1.2)
      i18n (~> 0.5.0)
    activesupport (3.0.11)
    addressable (2.2.7)
    builder (2.1.2)
    coderay (1.0.5)
    configliere (0.4.8)
      json
    diff-lcs (1.1.3)
    ffi (1.0.11)
    git (1.2.5)
    gorillib (0.1.9)
      json
    guard (1.0.0)
      ffi (>= 0.5.0)
      thor (~> 0.14.6)
    guard-rspec (0.6.0)
      guard (>= 0.10.0)
    guard-yard (1.0.2)
      guard (>= 0.2.2)
      yard (>= 0.7.0)
    htmlentities (4.3.1)
    i18n (0.5.0)
    jeweler (1.8.3)
      bundler (~> 1.0)
      git (>= 1.2.5)
      rake
      rdoc
    json (1.6.5)
    log4r (1.1.10)
    log_buddy (0.6.0)
    method_source (0.7.1)
    multi_json (1.1.0)
    pry (0.9.8.2)
      coderay (~> 1.0.5)
      method_source (~> 0.7)
      slop (>= 2.4.4, < 3)
    rake (0.9.2.2)
    rdoc (3.12)
      json (~> 1.4)
    redcarpet (2.1.0)
    rspec (2.8.0)
      rspec-core (~> 2.8.0)
      rspec-expectations (~> 2.8.0)
      rspec-mocks (~> 2.8.0)
    rspec-core (2.8.0)
    rspec-expectations (2.8.0)
      diff-lcs (~> 1.1.2)
    rspec-mocks (2.8.0)
    simplecov (0.6.1)
      multi_json (~> 1.0)
      simplecov-html (~> 0.5.3)
    simplecov-html (0.5.3)
    slop (2.4.4)
    thor (0.14.6)
    yajl-ruby (1.1.0)
    yard (0.7.5)

PLATFORMS
  ruby

DEPENDENCIES
  RedCloth (~> 4.2)
  addressable
  bundler (~> 1)
  configliere (~> 0.4.8)
  gorillib (~> 0.1.8)
  guard (~> 1.0)
  guard-rspec (~> 0.6)
  guard-yard
  htmlentities
  icss!
  jeweler (~> 1.6)
  json
  log4r
  log_buddy
  multi_json (~> 1.1)
  pry
  redcarpet (~> 2.1)
  rspec (~> 2.8)
  simplecov (~> 0.6)
  yajl-ruby (~> 1.1)
  yard (~> 0.7)
