GEM
  remote: http://rubygems.org/
  specs:
    RedCloth (4.2.9)
    addressable (2.2.7)
    configliere (0.4.8)
      json
    diff-lcs (1.1.3)
    ffi (1.0.11)
    git (1.2.5)
    gorillib (0.1.8)
      json
    growl (1.0.3)
    guard (1.0.0)
      ffi (>= 0.5.0)
      thor (~> 0.14.6)
    guard-rspec (0.6.0)
      guard (>= 0.10.0)
    guard-yard (1.0.2)
      guard (>= 0.2.2)
      yard (>= 0.7.0)
    htmlentities (4.3.1)
    jeweler (1.8.3)
      bundler (~> 1.0)
      git (>= 1.2.5)
      rake
      rdoc
    json (1.6.5)
    log4r (1.1.10)
    log_buddy (0.6.0)
    multi_json (1.1.0)
    rake (0.9.2.2)
    rb-fsevent (0.9.0)
    rdoc (3.12)
      json (~> 1.4)
    redcarpet (2.1.0)
    rspec (2.8.0)
      rspec-core (~> 2.8.0)
      rspec-expectations (~> 2.8.0)
      rspec-mocks (~> 2.8.0)
    rspec-core (2.8.0)
    rspec-expectations (2.8.0)
      diff-lcs (~> 1.1.2)
    rspec-mocks (2.8.0)
    simplecov (0.6.1)
      multi_json (~> 1.0)
      simplecov-html (~> 0.5.3)
    simplecov-html (0.5.3)
    thor (0.14.6)
    yajl-ruby (1.1.0)
    yard (0.7.5)

PLATFORMS
  ruby

DEPENDENCIES
  RedCloth (~> 4.2)
  addressable
  bundler (~> 1)
  configliere (~> 0.4.8)
  gorillib (~> 0.1.8)
  growl (~> 1)
  guard (~> 1.0)
  guard-rspec (~> 0.6)
  guard-yard
  htmlentities
  jeweler (~> 1.6)
  json
  log4r
  log_buddy
  multi_json (~> 1.1)
  rb-fsevent (~> 0.9)
  redcarpet (~> 2.1)
  rspec (~> 2.8)
  simplecov (~> 0.6)
  yajl-ruby (~> 1.1)
  yard (~> 0.7)
